PATH
  remote: .
  specs:
    rea-robot (0.1.0)

GEM
  remote: https://rubygems.org/
  specs:
    abstract_type (0.0.7)
    adamantium (0.2.0)
      ice_nine (~> 0.11.0)
      memoizable (~> 0.4.0)
    aruba (0.6.2)
      childprocess (>= 0.3.6)
      cucumber (>= 1.1.1)
      rspec-expectations (>= 2.7.0)
    ast (2.0.0)
    builder (3.2.2)
    childprocess (0.5.6)
      ffi (~> 1.0, >= 1.0.11)
    coderay (1.1.0)
    concord (0.1.5)
      adamantium (~> 0.2.0)
      equalizer (~> 0.0.9)
    cucumber (2.0.1)
      builder (>= 2.1.2)
      cucumber-core (~> 1.2.0)
      diff-lcs (>= 1.1.3)
      gherkin (~> 2.12)
      multi_json (>= 1.7.5, < 2.0)
      multi_test (>= 0.1.2)
    cucumber-core (1.2.0)
      gherkin (~> 2.12.0)
    diff-lcs (1.2.5)
    equalizer (0.0.11)
    ffi (1.9.10)
    formatador (0.2.5)
    gherkin (2.12.2)
      multi_json (~> 1.3)
    guard (2.12.8)
      formatador (>= 0.2.4)
      listen (>= 2.7, <= 4.0)
      lumberjack (~> 1.0)
      nenv (~> 0.1)
      notiffany (~> 0.0)
      pry (>= 0.9.12)
      shellany (~> 0.0)
      thor (>= 0.18.1)
    guard-compat (1.2.1)
    guard-rspec (4.6.1)
      guard (~> 2.1)
      guard-compat (~> 1.1)
      rspec (>= 2.99.0, < 4.0)
    ice_nine (0.11.1)
    listen (3.0.2)
      rb-fsevent (>= 0.9.3)
      rb-inotify (>= 0.9)
    lumberjack (1.0.9)
    memoizable (0.4.2)
      thread_safe (~> 0.3, >= 0.3.1)
    method_source (0.8.2)
    multi_json (1.11.2)
    multi_test (0.1.2)
    nenv (0.2.0)
    notiffany (0.0.6)
      nenv (~> 0.1)
      shellany (~> 0.0)
    parser (2.2.2.6)
      ast (>= 1.1, < 3.0)
    procto (0.0.2)
    pry (0.10.1)
      coderay (~> 1.1.0)
      method_source (~> 0.8.1)
      slop (~> 3.4)
    rainbow (2.0.0)
    rake (10.4.2)
    rb-fsevent (0.9.5)
    rb-inotify (0.9.5)
      ffi (>= 0.5.0)
    reek (3.0.4)
      parser (~> 2.2.2.5)
      rainbow (~> 2.0)
      unparser (~> 0.2.2)
    rspec (3.3.0)
      rspec-core (~> 3.3.0)
      rspec-expectations (~> 3.3.0)
      rspec-mocks (~> 3.3.0)
    rspec-core (3.3.1)
      rspec-support (~> 3.3.0)
    rspec-expectations (3.3.0)
      diff-lcs (>= 1.2.0, < 2.0)
      rspec-support (~> 3.3.0)
    rspec-mocks (3.3.1)
      diff-lcs (>= 1.2.0, < 2.0)
      rspec-support (~> 3.3.0)
    rspec-support (3.3.0)
    shellany (0.0.1)
    slop (3.6.0)
    thor (0.19.1)
    thread_safe (0.3.5)
    unparser (0.2.4)
      abstract_type (~> 0.0.7)
      adamantium (~> 0.2.0)
      concord (~> 0.1.5)
      diff-lcs (~> 1.2.5)
      equalizer (~> 0.0.9)
      parser (~> 2.2.2)
      procto (~> 0.0.2)

PLATFORMS
  ruby

DEPENDENCIES
  aruba (= 0.6.2)
  bundler (~> 1.8)
  guard-rspec
  rake (~> 10.0)
  rea-robot!
  reek
  rspec
